GEM
  remote: http://rubygems.org/
  specs:
    activesupport (3.2.3)
      i18n (~> 0.6)
      multi_json (~> 1.0)
    breakpoint (1.1.1)
      compass (>= 0.12.1)
    chunky_png (1.2.5)
    compass (0.13.alpha.0)
      chunky_png (~> 1.2)
      fssm (>= 0.2.7)
      sass (~> 3.2.0.alpha.93)
    fssm (0.2.9)
    haml (3.1.6)
    i18n (0.6.0)
    maruku (0.6.0)
      syntax (>= 1.0.0)
    multi_json (1.3.5)
    rack (1.4.1)
    rack-test (0.6.1)
      rack (>= 1.0)
    sass (3.2.0.alpha.237)
    serve (1.5.1)
      activesupport (~> 3.0)
      i18n
      rack (~> 1.2)
      rack-test (~> 0.5)
      tilt (~> 1.3)
      tzinfo
    susy (1.0.rc.0)
      compass (>= 0.12.2.rc.0)
      sass (>= 3.2.0.alpha.237)
    syntax (1.0.0)
    tilt (1.3.3)
    tzinfo (0.3.33)

PLATFORMS
  ruby

DEPENDENCIES
  breakpoint
  compass
  haml
  maruku
  serve (= 1.5.1)
  susy
